GIT
  remote: git://github.com/pry/pry.git
  revision: 689fbc419c3d8e5870a7f7186f9ac9c50aaba7eb
  specs:
    pry (0.10.3)
      coderay (~> 1.1.0)
      method_source (~> 0.8.1)

PATH
  remote: .
  specs:
    byebug (8.2.1)

GEM
  remote: https://rubygems.org/
  specs:
    addressable (2.4.0)
    ast (2.2.0)
    backports (3.6.7)
    childprocess (0.5.9)
      ffi (~> 1.0, >= 1.0.11)
    codeclimate-test-reporter (0.4.8)
      simplecov (>= 0.7.1, < 1.0.0)
    coderay (1.1.0)
    docile (1.1.5)
    ethon (0.8.1)
      ffi (>= 1.3.0)
    faraday (0.9.2)
      multipart-post (>= 1.2, < 3)
    faraday_middleware (0.10.0)
      faraday (>= 0.7.4, < 0.10)
    ffi (1.9.10)
    gh (0.14.0)
      addressable
      backports
      faraday (~> 0.8)
      multi_json (~> 1.0)
      net-http-persistent (>= 2.7)
      net-http-pipeline
    highline (1.7.8)
    iniparse (1.4.2)
    json (1.8.3)
    launchy (2.4.3)
      addressable (~> 2.3)
    metaclass (0.0.4)
    method_source (0.8.2)
    minitest (5.8.3)
    mocha (1.1.0)
      metaclass (~> 0.0.1)
    multi_json (1.11.2)
    multipart-post (2.0.0)
    net-http-persistent (2.9.4)
    net-http-pipeline (1.0.1)
    overcommit (0.30.0)
      childprocess (~> 0.5.6)
      iniparse (~> 1.4)
    parser (2.3.0.1)
      ast (~> 2.2)
    powerpack (0.1.1)
    pusher-client (0.6.2)
      json
      websocket (~> 1.0)
    rainbow (2.0.0)
    rake (10.4.2)
    rake-compiler (0.9.5)
      rake
    rubocop (0.36.0)
      parser (>= 2.3.0.0, < 3.0)
      powerpack (~> 0.1)
      rainbow (>= 1.99.1, < 3.0)
      ruby-progressbar (~> 1.7)
    ruby-progressbar (1.7.5)
    simplecov (0.11.1)
      docile (~> 1.1.0)
      json (~> 1.8)
      simplecov-html (~> 0.10.0)
    simplecov-html (0.10.0)
    travis (1.8.1)
      backports
      faraday (~> 0.9)
      faraday_middleware (~> 0.9, >= 0.9.1)
      gh (~> 0.13)
      highline (~> 1.6)
      launchy (~> 2.1)
      pusher-client (~> 0.4)
      typhoeus (~> 0.6, >= 0.6.8)
    typhoeus (0.8.0)
      ethon (>= 0.8.0)
    websocket (1.2.2)
    yard (0.8.7.6)

PLATFORMS
  ruby

DEPENDENCIES
  bundler (~> 1.7)
  byebug!
  codeclimate-test-reporter (= 0.4.8)
  minitest (~> 5.7)
  mocha (~> 1.1)
  overcommit (= 0.30.0)
  pry!
  rake (~> 10.4)
  rake-compiler (= 0.9.5)
  rubocop (= 0.36.0)
  simplecov (= 0.11.1)
  travis (~> 1.8)
  yard (= 0.8.7.6)

BUNDLED WITH
   1.11.2
