PATH
  remote: .
  specs:
    byebug (5.0.0)

GEM
  remote: https://rubygems.org/
  specs:
    addressable (2.3.8)
    ast (2.0.0)
    astrolabe (1.3.0)
      parser (>= 2.2.0.pre.3, < 3.0)
    backports (3.6.4)
    childprocess (0.5.6)
      ffi (~> 1.0, >= 1.0.11)
    codeclimate-test-reporter (0.4.7)
      simplecov (>= 0.7.1, < 1.0.0)
    coderay (1.1.0)
    docile (1.1.5)
    ethon (0.7.4)
      ffi (>= 1.3.0)
    faraday (0.9.1)
      multipart-post (>= 1.2, < 3)
    faraday_middleware (0.9.1)
      faraday (>= 0.7.4, < 0.10)
    ffi (1.9.9)
    gh (0.14.0)
      addressable
      backports
      faraday (~> 0.8)
      multi_json (~> 1.0)
      net-http-persistent (>= 2.7)
      net-http-pipeline
    highline (1.7.2)
    iniparse (1.4.0)
    json (1.8.3)
    launchy (2.4.3)
      addressable (~> 2.3)
    metaclass (0.0.4)
    method_source (0.8.2)
    minitest (5.7.0)
    mocha (1.1.0)
      metaclass (~> 0.0.1)
    multi_json (1.11.1)
    multipart-post (2.0.0)
    net-http-persistent (2.9.4)
    net-http-pipeline (1.0.1)
    overcommit (0.26.0)
      childprocess (~> 0.5.6)
      iniparse (~> 1.4)
    parser (2.2.2.5)
      ast (>= 1.1, < 3.0)
    powerpack (0.1.1)
    pry (0.9.12.6)
      coderay (~> 1.0)
      method_source (~> 0.8)
      slop (~> 3.4)
    pusher-client (0.6.2)
      json
      websocket (~> 1.0)
    rainbow (2.0.0)
    rake (10.4.2)
    rake-compiler (0.9.5)
      rake
    rubocop (0.32.1)
      astrolabe (~> 1.3)
      parser (>= 2.2.2.5, < 3.0)
      powerpack (~> 0.1)
      rainbow (>= 1.99.1, < 3.0)
      ruby-progressbar (~> 1.4)
    ruby-progressbar (1.7.5)
    simplecov (0.10.0)
      docile (~> 1.1.0)
      json (~> 1.8)
      simplecov-html (~> 0.10.0)
    simplecov-html (0.10.0)
    slop (3.6.0)
    travis (1.7.7)
      addressable (~> 2.3)
      backports
      faraday (~> 0.9)
      faraday_middleware (~> 0.9, >= 0.9.1)
      gh (~> 0.13)
      highline (~> 1.6)
      launchy (~> 2.1)
      pry (~> 0.9, < 0.10)
      pusher-client (~> 0.4)
      typhoeus (~> 0.6, >= 0.6.8)
    typhoeus (0.7.2)
      ethon (>= 0.7.4)
    websocket (1.2.2)

PLATFORMS
  ruby

DEPENDENCIES
  bundler (~> 1.7)
  byebug!
  codeclimate-test-reporter (= 0.4.7)
  minitest (~> 5.7)
  mocha (~> 1.1)
  overcommit (= 0.26.0)
  rake (~> 10.4)
  rake-compiler (= 0.9.5)
  rubocop (= 0.32.1)
  simplecov (= 0.10.0)
  travis (~> 1.7)

BUNDLED WITH
   1.10.4
